GEM
  remote: https://rubygems.org/
  specs:
    activesupport (6.1.7.6)
      concurrent-ruby (~> 1.0, >= 1.0.2)
      i18n (>= 1.6, < 2)
      minitest (>= 5.1)
      tzinfo (~> 2.0)
      zeitwerk (~> 2.3)
    addressable (2.8.5)
      public_suffix (>= 2.0.2, < 6.0)
    ast (2.4.2)
    bindata (2.4.15)
    bootsnap (1.16.0)
      msgpack (~> 1.2)
    byebug (11.1.3)
    coderay (1.1.3)
    commander (4.6.0)
      highline (~> 2.0.0)
    concurrent-ruby (1.2.2)
    did_you_mean (1.6.3)
    diff-lcs (1.5.0)
    docile (1.4.0)
    elftools (1.2.0)
      bindata (~> 2)
    hana (1.3.7)
    highline (2.0.3)
    hpricot (0.8.6)
    i18n (1.14.1)
      concurrent-ruby (~> 1.0)
    json (2.6.3)
    json_schemer (2.0.0)
      hana (~> 1.3)
      regexp_parser (~> 2.0)
      simpleidn (~> 0.2)
    method_source (1.0.0)
    minitest (5.19.0)
    msgpack (1.7.2)
    mustache (1.1.1)
    parallel (1.23.0)
    parallel_tests (3.13.0)
      parallel
    parlour (8.1.0)
      commander (~> 4.5)
      parser
      rainbow (~> 3.0)
      sorbet-runtime (>= 0.5)
    parser (3.3.0.5)
      ast (~> 2.4.1)
      racc
    patchelf (1.4.0)
      elftools (>= 1.2)
    plist (3.7.0)
    pry (0.14.2)
      coderay (~> 1.1)
      method_source (~> 1.0)
    public_suffix (5.0.3)
    racc (1.7.3)
    rack (3.0.8)
    rainbow (3.1.1)
    rdiscount (2.2.7.1)
    regexp_parser (2.8.1)
    rexml (3.2.6)
    ronn (0.7.3)
      hpricot (>= 0.8.2)
      mustache (>= 0.7.0)
      rdiscount (>= 1.5.8)
    rspec (3.12.0)
      rspec-core (~> 3.12.0)
      rspec-expectations (~> 3.12.0)
      rspec-mocks (~> 3.12.0)
    rspec-core (3.12.2)
      rspec-support (~> 3.12.0)
    rspec-expectations (3.12.3)
      diff-lcs (>= 1.2.0, < 2.0)
      rspec-support (~> 3.12.0)
    rspec-github (2.4.0)
      rspec-core (~> 3.0)
    rspec-its (1.3.0)
      rspec-core (>= 3.0.0)
      rspec-expectations (>= 3.0.0)
    rspec-mocks (3.12.6)
      diff-lcs (>= 1.2.0, < 2.0)
      rspec-support (~> 3.12.0)
    rspec-retry (0.6.2)
      rspec-core (> 3.3)
    rspec-sorbet (1.9.2)
      sorbet-runtime
    rspec-support (3.12.1)
    rspec_junit_formatter (0.6.0)
      rspec-core (>= 2, < 4, != 2.12.0)
    rubocop (1.50.2)
      json (~> 2.3)
      parallel (~> 1.10)
      parser (>= 3.2.0.0)
      rainbow (>= 2.2.2, < 4.0)
      regexp_parser (>= 1.8, < 3.0)
      rexml (>= 3.2.5, < 4.0)
      rubocop-ast (>= 1.28.0, < 2.0)
      ruby-progressbar (~> 1.7)
      unicode-display_width (>= 2.4.0, < 3.0)
    rubocop-ast (1.29.0)
      parser (>= 3.2.1.0)
    rubocop-capybara (2.18.0)
      rubocop (~> 1.41)
    rubocop-performance (1.17.1)
      rubocop (>= 1.7.0, < 2.0)
      rubocop-ast (>= 0.4.0)
    rubocop-rails (2.19.1)
      activesupport (>= 4.2.0)
      rack (>= 1.1)
      rubocop (>= 1.33.0, < 2.0)
    rubocop-rspec (2.20.0)
      rubocop (~> 1.33)
      rubocop-capybara (~> 2.17)
    rubocop-sorbet (0.7.0)
      rubocop (>= 0.90.0)
    ruby-macho (4.0.0)
    ruby-prof (1.4.3)
    ruby-progressbar (1.13.0)
    simplecov (0.22.0)
      docile (~> 1.1)
      simplecov-html (~> 0.11)
      simplecov_json_formatter (~> 0.1)
    simplecov-cobertura (2.1.0)
      rexml
      simplecov (~> 0.19)
    simplecov-html (0.12.3)
    simplecov_json_formatter (0.1.4)
    simpleidn (0.2.1)
      unf (~> 0.1.4)
    sorbet (0.5.10461)
      sorbet-static (= 0.5.10461)
    sorbet-runtime (0.5.10461)
    sorbet-static (0.5.10461-universal-darwin-14)
    sorbet-static (0.5.10461-universal-darwin-15)
    sorbet-static (0.5.10461-universal-darwin-16)
    sorbet-static (0.5.10461-universal-darwin-17)
    sorbet-static (0.5.10461-universal-darwin-18)
    sorbet-static (0.5.10461-universal-darwin-19)
    sorbet-static (0.5.10461-universal-darwin-20)
    sorbet-static (0.5.10461-universal-darwin-21)
    sorbet-static (0.5.10461-universal-darwin-22)
    sorbet-static (0.5.10461-x86_64-linux)
    sorbet-static-and-runtime (0.5.10461)
      sorbet (= 0.5.10461)
      sorbet-runtime (= 0.5.10461)
    spoom (1.1.11)
      sorbet (>= 0.5.9204)
      sorbet-runtime (>= 0.5.9204)
      thor (>= 0.19.2)
    stackprof (0.2.25)
    tapioca (0.4.13)
      parlour (>= 2.1.0)
      pry (>= 0.12.2)
      sorbet-runtime
      sorbet-static (>= 0.4.4471)
      spoom
      thor (>= 0.19.2)
    thor (1.2.2)
    tzinfo (2.0.6)
      concurrent-ruby (~> 1.0)
    unf (0.1.4)
      unf_ext
    unf_ext (0.0.8.2)
    unicode-display_width (2.4.2)
    warning (1.3.0)
    zeitwerk (2.6.11)

PLATFORMS
  arm64-darwin
  x86_64-darwin
  x86_64-linux

DEPENDENCIES
  activesupport
  addressable
  bootsnap
  byebug
  concurrent-ruby
  did_you_mean
  json_schemer
  minitest
  parallel_tests
  parlour
  patchelf
  plist
  pry
  ronn
  rspec
  rspec-github
  rspec-its
  rspec-retry
  rspec-sorbet
  rspec_junit_formatter
  rubocop
  rubocop-ast
  rubocop-performance
  rubocop-rails
  rubocop-rspec
  rubocop-sorbet
  ruby-macho
  ruby-prof (= 1.4.3)
  simplecov
  simplecov-cobertura
  sorbet-runtime
  sorbet-static-and-runtime
  spoom
  stackprof
  tapioca
  warning

RUBY VERSION
   ruby 2.6.10p210

BUNDLED WITH
   2.4.18
